##TITLE= Parameter file, TopSpin 3.5 pl 7
##JCAMPDX= 5.0
##DATATYPE= Parameter Values
##NPOINTS= 15654	$$ modification sequence number
##ORIGIN= Bruker BioSpin GmbH
##OWNER= nmrsu
$$ 2019-05-16 16:55:51.835 +0200  nmr600@av600
$$ /opt/topspin3.5pl7/conf/instr/spect/specpar
$$ process /opt/topspin3.5pl7/prog/mod/hconfserver
##$HPPRECH= (0..15)
-1 -1 -1 -1 -1 -1 -1 -1 -1 -1 -1 -1 -1 -1 -1 -1
##$HPSELECT= no
##$NUC1= 9
##$NUC2= 0
##$NUC3= 0
##$NUC4= 0
##$NUC5= 0
##$NUC6= 0
##$NUC7= 0
##$NUC8= 0
##$NUCARR= (0..123)
600.25 600.25 92.142029682 640.250503935 457.267070593 88.333306215 233.279941493
84.346007533 64.488807145 192.584053935 150.93298255 43.361369713 60.82280428
81.372633143 564.799301028 47.38551174 158.77752975 36.745114088 156.406296148
119.252789968 242.985653855 46.07519 58.811948773 48.954739313 28.009903933
15.374233263 40.396999073 145.811211368 33.839297835 33.848319593 59.846779773
157.88344537 33.92910724 148.797281045 19.434762445 142.421761685 53.638646128
159.159126683 170.493167233 37.556460008 144.068127385 183.05646576 20.938610788
102.778490535 114.476756783 31.319376305 150.38651495 162.106624295 23.095219
57.953795358 196.404525135 26.013766555 29.413438495 55.801028745 146.918210425
39.117848315 39.938804238 135.106226815 27.642418878 30.981117423 19.126648118
27.46804025 24.297033548 27.932831833 127.3459187 133.214532938 131.249194388
131.530555572 196.394290873 213.882634648 223.83701858 143.643288443 77.787700043
157.083876355 189.377488423 120.094934715 166.930641465 49.484135803 78.729642355
59.631578143 66.70535032 79.19878575 84.789160103 183.79655 32.713625 20.1684
25.030425 20.6486 149.22215 65.90745 18.427675 24.190075 144.3001 20.6486
28.93205 128.09335 17.2872 49.760725 105.039584265 28.9380525 68.45251
48.8063275 24.0520175 15.1082925 71.967574 25.008737968 135.2039115 136.566479
13.699691828 46.6118135 10.312295 11.2306775 129.03444596 10.3783225 107.509709055
39.686026958 342.882008 346.247237595 125.575895498 96.45590122 11.0530035
100 100 100
##$NUCOFFS= (0..127)
<55Mn> <1H> <13C> <31P> <77Se> <29Si> <2H> <19F> <> <> <> <> <> <> <> <>
<> <> <> <> <> <> <> <> <> <> <> <> <> <> <> <> <> <> <> <> <> <> <> <>
<> <> <> <> <> <> <> <> <> <> <> <> <> <> <> <> <> <> <> <> <> <> <> <>
<> <> <> <> <> <> <> <> <> <> <> <> <> <> <> <> <> <> <> <> <> <> <> <>
<> <> <> <> <> <> <> <> <> <> <> <> <> <> <> <> <> <> <> <> <> <> <> <>
<> <> <> <> <> <> <> <> <> <> <> <> <> <> <> <>
##$OFFS= (0..127)
0 0 0 0 0 0 0 0 0 0 0 0 0 0 0 0 0 0 0 0 0 0 0 0 0 0 0 0 0 0 0 0 0 0 0 0
0 0 0 0 0 0 0 0 0 0 0 0 0 0 0 0 0 0 0 0 0 0 0 0 0 0 0 0 0 0 0 0 0 0 0 0
0 0 0 0 0 0 0 0 0 0 0 0 0 0 0 0 0 0 0 0 0 0 0 0 0 0 0 0 0 0 0 0 0 0 0 0
0 0 0 0 0 0 0 0 0 0 0 0 0 0 0 0 0 0 0 0
##$OFFSF= (0..7)
-63400.2 0 0 0 0 0 0 0
##$OFFSH= (0..7)
3706.80000003176 2400.50000002157 0 0 0 0 0 0
##$OFFSX= (0..7)
1000 0 0 0 0 0 0 0
##$PRECHAN= (0..15)
-1 2 -1 0 -1 4 3 -1 -1 -1 -1 -1 -1 -1 -1 -1
##$RECPRE= (0..15)
-1 0 -1 -1 -1 -1 -1 -1 -1 -1 -1 -1 -1 -1 -1 -1
##$RECPRFX= (0..15)
1 0 0 0 0 0 0 0 0 0 0 0 0 0 0 0
##$RECSEL= (0..15)
0 0 0 1 0 0 0 0 0 0 0 0 0 0 0 0
##$SELREC= (0..9)
0 0 0 0 0 0 0 0 0 0
##$SFO1= 192.584054
##$SFO2= 600.25
##$SFO3= 600.25
##$SFO4= 600.25
##$SFO5= 600.25
##$SFO6= 600.25
##$SFO7= 600.25
##$SFO8= 600.25
##END=
