##TITLE= Parameter file, TOPSPIN		Version 3.2
##JCAMPDX= 5.0
##DATATYPE= Parameter Values
##NPOINTS= 1204	$$ modification sequence number
##ORIGIN= Bruker BioSpin GmbH
##OWNER= nmrsu
$$ 2019-05-10 09:44:59.661 +0200  nmr400@av400
$$ /opt/topspin3.2/conf/instr/AVIII400/specpar
$$ process /opt/topspin3.2/prog/mod/cprserver
##$HPPRECH= (0..15)
-1 -1 -1 -1 -1 -1 -1 -1 -1 -1 -1 -1 -1 -1 -1 -1
##$NUC1= 1
##$NUC2= 0
##$NUC3= 0
##$NUC4= 0
##$NUC5= 0
##$NUC6= 0
##$NUC7= 0
##$NUC8= 0
##$NUCARR= (0..123)
400.27 400.27 61.443882084 426.94388873 304.92343248 58.904077432 155.560120252
56.245191895 43.003639877 128.42252273 100.647971554 28.91504449 40.559006862
54.262430434 376.63009783 31.598498599 105.87902013 24.503068415 104.297789519
79.522389405 162.032266003 30.7247252 39.218090354 32.644920458 18.678091207
10.252135524 26.938287078 97.232575717 22.565357342 22.5713734 39.908155834
105.28280996 22.625245739 99.223802889 12.959854001 94.9723591 35.768331338
106.133483777 113.691461971 25.044105368 96.070219656 122.069157101 13.962678451
68.536687058 76.337545085 20.884975849 100.283565746 108.098989599 15.40078852
38.645840346 130.970161226 17.346989319 19.614022535 37.210292005 97.970765659
26.0852997 26.632744977 90.09407648 18.433037908 20.659411696 12.754391407
18.31675547 16.202205111 18.626696539 84.919201796 88.832621573 87.522057539
87.709680098 130.963336622 142.625243099 149.263212706 95.786920558 51.871857886
104.749626303 126.284260376 80.083964212 111.315831502 32.997942587 52.499981583
39.764651034 44.481716906 52.81282461 56.540703231 122.562674 21.814715
13.449072 16.691259 13.769288 99.507122 43.949646 12.288289 16.130881 96.224908
13.769288 19.293014 85.417618 11.527776 33.182383 70.044472126 19.2970167
45.6467908 32.5459537 16.0388189 10.0747959 47.99077192 16.676797245 90.15921642
91.06782932 9.135486294 31.08256658 6.8766386 7.4890517 86.045177317 6.9206683
71.691647219 26.464183274 228.64703264 230.891098363 83.738881617 64.320539078
7.37057178 100 100 100
##$OFFSF= (0..7)
0 0 0 0 0 0 0 0
##$OFFSH= (0..7)
2471.80000002345 0 0 0 0 0 0 0
##$OFFSX= (0..7)
9852.9 0 0 0 0 0 0 0
##$PRECHAN= (0..15)
-1 2 0 1 -1 -1 -1 -1 -1 -1 -1 -1 -1 -1 -1 -1
##$RECPRE= (0..15)
-1 0 -1 -1 -1 -1 -1 -1 -1 -1 -1 -1 -1 -1 -1 -1
##$RECSEL= (0..15)
0 0 1 0 0 0 0 0 0 0 0 0 0 0 0 0
##$SELREC= (0..9)
0 0 0 0 0 0 0 0 0 0
##$SFO1= 400.272472
##$SFO2= 400.272472
##$SFO3= 400.272472
##$SFO4= 400.272472
##$SFO5= 400.272472
##$SFO6= 400.272472
##$SFO7= 400.272472
##$SFO8= 400.272472
##END=
