##TITLE= Parameter file, TopSpin 3.5 pl 7
##JCAMPDX= 5.0
##DATATYPE= Parameter Values
##NPOINTS= 28266	$$ modification sequence number
##ORIGIN= Bruker BioSpin GmbH
##OWNER= nmrsu
$$ 2019-11-22 09:19:05.109 +0100  nmr700@av700
$$ /opt/topspin3.5pl7/conf/instr/spect/specpar
$$ process /opt/topspin3.5pl7/prog/mod/hconfserver
##$ANCIEN= (0..7)
0 0 0 0 0 0 0 0
##$BF1= 100.13
##$BF2= 100.13
##$BF3= 100.13
##$DEC= 1
##$DECB= 1
##$DEF19F= yes
##$DEFRSEL= yes
##$HPMOD= (0..7)
0 0 0 0 0 0 0 0
##$HPPRECH= (0..15)
-1 -1 -1 -1 -1 -1 -1 -1 -1 -1 -1 -1 -1 -1 -1 -1
##$HPSELECT= no
##$LOCSW19F= -1
##$LOCSW2H= -1
##$NUC1= 1
##$NUC2= 0
##$NUC3= 12
##$NUC4= 0
##$NUC5= 0
##$NUC6= 0
##$NUC7= 0
##$NUC8= 0
##$NUCARR= (0..123)
700.4 700.4 107.515664455 747.074473896 533.560776748 103.071466344 272.202034188
98.418898252 75.248580632 224.716153896 176.11572008 50.59609054 70.970915648
94.949424828 659.034453044 55.291649184 185.2691076 42.87593154 182.502240436
139.149777748 283.527116968 53.762704 68.624554636 57.1226979 32.683276492
17.93938022 47.137123116 170.139395988 39.485288136 39.495815148 69.832044236
184.225847792 39.590081984 173.623682872 22.677397112 166.184426296 62.588101204
185.714372892 198.939465772 43.822648212 168.105483416 213.598914816 24.43215826
119.926788456 133.576877052 36.544924888 175.47807592 189.153652072 26.9485904
67.623220772 229.174059816 30.354089288 34.320986792 65.111271192 171.43109468
45.644549704 46.60247978 157.648315304 32.254477604 36.150228476 22.317874788
32.0510044 28.350924276 32.593345132 148.59322192 155.4409977 153.14774802
153.476053516 229.162117996 249.568342036 261.183586528 167.609761308 90.766355868
183.292872968 220.974582076 140.132431944 194.782542744 57.740422684 91.865458568
69.580936828 77.834947712 92.4128772 98.935989564 214.46248 38.1718 23.53344
29.20668 24.09376 174.11944 76.90392 21.50228 28.22612 168.37616 24.09376
33.75928 149.46536 20.17152 58.06316 122.565139224 33.766284 79.873616
56.949524 28.065028 17.629068 83.9751584 29.181374548 157.7622984 159.3522064
15.985446324 54.3888616 12.032872 13.104484 150.563475136 12.109916 125.447397288
46.307527332 400.0908928 404.017601352 146.527875396 112.549293152 12.8971656
100 100 100
##$NUCOFFS= (0..127)
<1H> <19F> <13C> <15N> <2H> <43Ca> <109Ag> <14N> <31P> <29Si> <> <> <>
<> <> <> <> <> <> <> <> <> <> <> <> <> <> <> <> <> <> <> <> <> <> <> <>
<> <> <> <> <> <> <> <> <> <> <> <> <> <> <> <> <> <> <> <> <> <> <> <>
<> <> <> <> <> <> <> <> <> <> <> <> <> <> <> <> <> <> <> <> <> <> <> <>
<> <> <> <> <> <> <> <> <> <> <> <> <> <> <> <> <> <> <> <> <> <> <> <>
<> <> <> <> <> <> <> <> <> <> <> <> <> <> <> <> <> <> <>
##$OBS= 1
##$OFFS= (0..127)
0 0 0 118.5 0 0 0 0 0 0 0 0 0 0 0 0 0 0 0 0 0 0 0 0 0 0 0 0 0 0 0 0 0 0
0 0 0 0 0 0 0 0 0 0 0 0 0 0 0 0 0 0 0 0 0 0 0 0 0 0 0 0 0 0 0 0 0 0 0 0
0 0 0 0 0 0 0 0 0 0 0 0 0 0 0 0 0 0 0 0 0 0 0 0 0 0 0 0 0 0 0 0 0 0 0 0
0 0 0 0 0 0 0 0 0 0 0 0 0 0 0 0 0 0 0 0 0 0
##$OFFSF= (0..7)
0 0 0 0 0 0 0 0
##$OFFSH= (0..7)
3151.80000006876 4032.00000005199 0 0 0 0 0 0
##$OFFSX= (0..7)
0 0 0 0 0 0 0 0
##$OFFSXAS= (0..7)
0 0 0 0 0 0 0 0
##$OFSF1= 0
##$OFSF2= 0
##$OFSH1= 0
##$OFSH2= 0
##$OFSH3= 0
##$OFSX1= 0
##$OFSX2= 0
##$OFSY= 0
##$PACOIL= (0..15)
0 0 0 0 0 0 0 0 0 0 0 0 0 0 0 0
##$PRECHAN= (0..15)
-1 3 0 1 5 6 2 -1 -1 -1 -1 -1 -1 -1 -1 -1
##$RECPRE= (0..15)
-1 0 -1 -1 -1 -1 -1 -1 -1 -1 -1 -1 -1 -1 -1 -1
##$RECPRFX= (0..15)
1 0 0 0 0 0 0 0 0 0 0 0 0 0 0 0
##$RECSEL= (0..15)
0 0 0 0 1 0 0 0 0 0 0 0 0 0 0 0
##$SELREC= (0..9)
0 0 0 0 0 0 0 0 0 0
##$SFO1= 700.403281
##$SFO2= 700.4
##$SFO3= 70.971035
##$SFO4= 700.4
##$SFO5= 700.403292
##$SFO6= 700.403292
##$SFO7= 700.403292
##$SFO8= 700.403292
##$TY= (0..123)
0 0 0 0 0 0 0 0 0 0 0 0 0 0 0 0 0 0 0 0 0 0 0 0 0 0 0 0 0 0 0 0 0 0 0 0
0 0 0 0 0 0 0 0 0 0 0 0 0 0 0 0 0 0 0 0 0 0 0 0 0 0 0 0 0 0 0 0 0 0 0 0
0 0 0 0 0 0 0 0 0 0 0 0 0 0 0 0 0 0 0 0 0 0 0 0 0 0 0 0 0 0 0 0 0 0 0 0
0 0 0 0 0 0 0 0 0 0 0 0 0 0 0 0
##END=
